GEM
  remote: https://rubygems.org/
  specs:

PLATFORMS
  ruby

DEPENDENCIES
  bundler

RUBY VERSION
   ruby 2.3.7p456

BUNDLED WITH
   2.0.1
